GEM
  remote: http://rubygems.org/
  specs:
    classifier (1.3.3)
      fast-stemmer (>= 1.0.0)
    directory_watcher (1.4.1)
    fast-stemmer (1.0.0)
    jekyll (0.6.2)
      classifier (>= 1.3.1)
      directory_watcher (>= 1.1.1)
      liquid (>= 1.9.0)
      maruku (>= 0.5.9)
    liquid (2.2.2)
    maruku (0.6.0)
      syntax (>= 1.0.0)
    rack (1.2.3)
    rack-jekyll (0.3.7)
      jekyll (~> 0.6.2)
      rack (~> 1.2.1)
    rack-rewrite (1.1.0)
    syntax (1.0.0)

PLATFORMS
  x86-mingw32

DEPENDENCIES
  rack-jekyll
  rack-rewrite
