GEM
  remote: https://rubygems.org/
  specs:
    activesupport (3.2.13)
      i18n (= 0.6.1)
      multi_json (~> 1.0)
    chunky_png (1.2.8)
    classifier (1.3.3)
      fast-stemmer (>= 1.0.0)
    coffee-script (2.2.0)
      coffee-script-source
      execjs
    coffee-script-source (1.6.2)
    colorator (0.1)
    commander (4.1.3)
      highline (~> 1.6.11)
    compass (0.12.2)
      chunky_png (~> 1.2)
      fssm (>= 0.2.7)
      sass (~> 3.1)
    directory_watcher (1.4.1)
    dotenv (0.7.0)
    execjs (1.4.0)
      multi_json (~> 1.0)
    fast-stemmer (1.0.2)
    flickraw (0.9.6)
    foreman (0.63.0)
      dotenv (>= 0.7)
      thor (>= 0.13.6)
    fssm (0.2.10)
    highline (1.6.18)
    hike (1.2.2)
    i18n (0.6.1)
    jekyll (1.0.0)
      classifier (~> 1.3)
      colorator (~> 0.1)
      commander (~> 4.1.3)
      directory_watcher (~> 1.4.1)
      kramdown (~> 0.14)
      liquid (~> 2.3)
      maruku (~> 0.5)
      pygments.rb (~> 0.4.2)
      safe_yaml (~> 0.7.0)
    jekyll-assets (0.3.8)
      jekyll
      sprockets (~> 2.9)
    kramdown (0.14.2)
    liquid (2.5.0)
    maruku (0.6.1)
      syntax (>= 1.0.0)
    multi_json (1.7.3)
    posix-spawn (0.3.6)
    puma (1.6.3)
      rack (~> 1.2)
    pygmentize (0.0.3)
    pygments.rb (0.4.2)
      posix-spawn (~> 0.3.6)
      yajl-ruby (~> 1.1.0)
    rack (1.5.2)
    rack-contrib (1.1.0)
      rack (>= 0.9.1)
    rack-jekyll (0.3.5)
      jekyll
      rack
    rack-rewrite (1.3.3)
    rake (10.0.4)
    rdiscount (2.0.7.2)
    safe_yaml (0.7.1)
    sass (3.2.8)
    sprockets (2.9.3)
      hike (~> 1.2)
      multi_json (~> 1.0)
      rack (~> 1.0)
      tilt (~> 1.1, != 1.3.0)
    syntax (1.0.0)
    thor (0.18.1)
    tilt (1.4.0)
    uglifier (1.3.0)
      execjs (>= 0.3.0)
      multi_json (~> 1.0, >= 1.0.2)
    yajl-ruby (1.1.0)

PLATFORMS
  ruby

DEPENDENCIES
  activesupport (~> 3.2.13)
  coffee-script (~> 2.2.0)
  compass (~> 0.12.2)
  directory_watcher (= 1.4.1)
  flickraw (~> 0.9.6)
  foreman (~> 0.61)
  jekyll (~> 1.0.0)
  jekyll-assets (~> 0.3.8)
  puma (~> 1.6.3)
  pygmentize (~> 0.0.3)
  rack-contrib (~> 1.1.0)
  rack-jekyll
  rack-rewrite (~> 1.3.3)
  rake (~> 10.0.3)
  rdiscount
  uglifier (~> 1.3.0)
